GEM
  remote: https://rubygems.org/
  specs:
    bigdecimal (3.1.8)
    debugger-ruby_core_source (1.3.8)
    diff-lcs (1.5.1)
    rblineprof (0.3.7)
      debugger-ruby_core_source (~> 1.3)
    rblineprof-report (0.0.4)
      term-ansicolor (~> 1.3)
    rspec (3.13.0)
      rspec-core (~> 3.13.0)
      rspec-expectations (~> 3.13.0)
      rspec-mocks (~> 3.13.0)
    rspec-core (3.13.2)
      rspec-support (~> 3.13.0)
    rspec-expectations (3.13.3)
      diff-lcs (>= 1.2.0, < 2.0)
      rspec-support (~> 3.13.0)
    rspec-mocks (3.13.2)
      diff-lcs (>= 1.2.0, < 2.0)
      rspec-support (~> 3.13.0)
    rspec-support (3.13.1)
    sync (0.5.0)
    term-ansicolor (1.11.2)
      tins (~> 1.0)
    tins (1.37.0)
      bigdecimal
      sync

PLATFORMS
  aarch64-linux
  ruby

DEPENDENCIES
  rblineprof (~> 0.3.7)
  rblineprof-report (~> 0.0.4)
  rspec (~> 3.13)

BUNDLED WITH
   2.5.22
